GEM
  remote: https://rubygems.org/
  specs:
    activerecord (2.3.15)
      activesupport (= 2.3.15)
    activesupport (2.3.15)
    configatron (3.2.0)
    ffi (1.9.3)
    ffi (1.9.3-x86-mingw32)
    little-plugger (1.1.3)
    logging (1.8.2)
      little-plugger (>= 1.1.3)
      multi_json (>= 1.8.4)
    multi_json (1.10.0)
    ocra (1.3.1)
    pg (0.15.0)
    pg (0.15.0-x86-mingw32)
    rubyzip (1.1.3)
    sqlite3 (1.3.9)
    sqlite3 (1.3.9-x86-mingw32)
    thor (0.19.1)
    win32-service (0.8.4)
      ffi
    wxruby-ruby19 (2.0.1)
    wxruby-ruby19 (2.0.1-x86-mingw32)

PLATFORMS
  ruby
  x86-mingw32

DEPENDENCIES
  activerecord (= 2.3.15)
  activesupport (= 2.3.15)
  configatron (= 3.2.0)
  little-plugger (= 1.1.3)
  logging (= 1.8.2)
  ocra (~> 1.3.1)
  pg (= 0.15.0)
  rubyzip (~> 1.1.3)
  sqlite3 (~> 1.3.9)
  thor (~> 0.19.1)
  win32-service (~> 0.8.4)
  wxruby-ruby19 (= 2.0.1)
