GEM
  remote: https://rubygems.org/
  specs:
    activerecord (2.3.15)
      activesupport (= 2.3.15)
    activesupport (2.3.15)
    columnize (0.3.6)
    configatron (2.9.1)
      yamler (>= 0.1.0)
    debugger (1.5.0)
      columnize (>= 0.3.1)
      debugger-linecache (~> 1.2.0)
      debugger-ruby_core_source (~> 1.2.0)
    debugger-linecache (1.2.0)
    debugger-ruby_core_source (1.2.0)
    little-plugger (1.1.3)
    logging (1.7.2)
      little-plugger (>= 1.1.3)
    ocra (1.3.0)
    pg (0.14.0-x86-mingw32)
    rubyzip (0.9.9)
    sqlite3 (1.3.6-x86-mingw32)
    thor (0.17.0)
    wxruby-ruby19 (2.0.1-x86-mingw32)
    yamler (0.1.0)

PLATFORMS
  ruby
  x86-mingw32

DEPENDENCIES
  activerecord (= 2.3.15)
  activesupport (= 2.3.15)
  columnize (= 0.3.6)
  configatron (= 2.9.1)
  debugger (= 1.5.0)
  debugger-linecache (= 1.2.0)
  debugger-ruby_core_source (= 1.2.0)
  little-plugger (= 1.1.3)
  logging (= 1.7.2)
  ocra (= 1.3.0)
  pg (= 0.14.0)
  rubyzip (= 0.9.9)
  sqlite3 (= 1.3.6)
  thor (= 0.17.0)
  wxruby-ruby19 (= 2.0.1)
  yamler (= 0.1.0)
