GEM
  remote: https://rubygems.org/
  specs:
    activerecord (2.3.15)
      activesupport (= 2.3.15)
    activesupport (2.3.15)
    coderay (1.1.0)
    configatron (3.2.0)
    little-plugger (1.1.3)
    logging (1.8.2)
      little-plugger (>= 1.1.3)
      multi_json (>= 1.8.4)
    method_source (0.8.2)
    multi_json (1.10.0)
    ocra (1.3.1)
    pg (0.15.0-x86-mingw32)
    pry (0.9.12.6-x86-mingw32)
      coderay (~> 1.0)
      method_source (~> 0.8)
      slop (~> 3.4)
      win32console (~> 1.3)
    rubyzip (1.1.3)
    slop (3.5.0)
    sqlite3 (1.3.9-x86-mingw32)
    thor (0.19.1)
    win32console (1.3.2-x86-mingw32)
    wxruby-ruby19 (2.0.1-x86-mingw32)

PLATFORMS
  ruby
  x86-mingw32

DEPENDENCIES
  activerecord (= 2.3.15)
  activesupport (= 2.3.15)
  configatron (= 3.2.0)
  little-plugger (= 1.1.3)
  logging (= 1.8.2)
  ocra (~> 1.3.1)
  pg (= 0.15.0)
  pry
  rubyzip (~> 1.1.3)
  sqlite3 (~> 1.3.9)
  thor (~> 0.19.1)
  wxruby-ruby19 (= 2.0.1)
